GEM
  remote: https://rubygems.org/
  specs:
    activesupport (3.2.11)
      i18n (~> 0.6)
      multi_json (~> 1.0)
    chronic (0.9.0)
    foreman (0.60.2)
      thor (>= 0.13.6)
    haml (3.1.7)
    i18n (0.6.1)
    kgio (2.7.4)
    mime-types (1.19)
    multi_json (1.5.0)
    rack (1.4.3)
    rack-protection (1.3.2)
      rack
    raindrops (0.10.0)
    rest-client (1.6.7)
      mime-types (>= 1.16)
    shotgun (0.9)
      rack (>= 1.0)
    sinatra (1.3.3)
      rack (~> 1.3, >= 1.3.6)
      rack-protection (~> 1.2)
      tilt (~> 1.3, >= 1.3.3)
    thor (0.16.0)
    tilt (1.3.3)
    unicorn (4.5.0)
      kgio (~> 2.6)
      rack
      raindrops (~> 0.7)
    whenever (0.8.2)
      activesupport (>= 2.3.4)
      chronic (>= 0.6.3)

PLATFORMS
  ruby

DEPENDENCIES
  foreman
  haml
  rest-client
  shotgun
  sinatra
  unicorn
  whenever
